PATH
  remote: .
  specs:
    secret_store (0.0.1)

GEM
  remote: https://rubygems.org/
  specs:
    byebug (3.5.1)
      columnize (~> 0.8)
      debugger-linecache (~> 1.2)
      slop (~> 3.6)
    columnize (0.8.9)
    debugger-linecache (1.2.0)
    diff-lcs (1.2.5)
    rake (10.3.2)
    redis (3.1.0)
    rspec (3.1.0)
      rspec-core (~> 3.1.0)
      rspec-expectations (~> 3.1.0)
      rspec-mocks (~> 3.1.0)
    rspec-core (3.1.7)
      rspec-support (~> 3.1.0)
    rspec-expectations (3.1.2)
      diff-lcs (>= 1.2.0, < 2.0)
      rspec-support (~> 3.1.0)
    rspec-mocks (3.1.3)
      rspec-support (~> 3.1.0)
    rspec-support (3.1.2)
    slop (3.6.0)

PLATFORMS
  ruby

DEPENDENCIES
  bundler (~> 1.7)
  byebug (~> 3.5)
  rake (~> 10.0)
  redis (~> 3.1)
  rspec (~> 3.1)
  secret_store!
